{
    "Modality": "MR",
    "MagneticFieldStrength": 3,
    "ImagingFrequency": 127.752,
    "Manufacturer": "Philips",
    "ManufacturersModelName": "Ingenia",
    "InstitutionName": "OHSU",
    "InstitutionalDepartmentName": "Diagnostic Imaging",
    "DeviceSerialNumber": "42293",
    "StationName": "MRI4",
    "BodyPartExamined": "BRAIN",
    "PatientPosition": "HFS",
    "ProcedureStepDescription": "MRI BRAIN FUNCTIONAL WWO CONTRAST WITH MD OR PHD",
    "SoftwareVersions": "5.6.1\\5.6.1.3",
    "MRAcquisitionType": "3D",
    "SeriesDescription": "T1 TFE",
    "ProtocolName": "T1 TFE",
    "ScanningSequence": "GR",
    "SequenceVariant": "MP",
    "ScanOptions": "OTHER",
    "PulseSequenceName": "T1TFE",
    "ImageType": [
        "ORIGINAL",
        "PRIMARY",
        "M",
        "FFE",
        "M",
        "FFE"
    ],
    "SeriesNumber": 201,
    "AcquisitionTime": "10:24:53.660000",
    "AcquisitionNumber": 2,
    "PhilipsRWVSlope": 3.43028,
    "PhilipsRWVIntercept": 0,
    "PhilipsRescaleSlope": 3.43028,
    "PhilipsRescaleIntercept": 0,
    "PhilipsScaleSlope": 0.00304407,
    "UsePhilipsFloatNotDisplayScaling": 1,
    "SliceThickness": 1.2,
    "SpacingBetweenSlices": 1.2,
    "SAR": 0.0355875,
    "EchoTime": 0.002899,
    "RepetitionTime": 0.0063859,
    "MTState": false,
    "SpoilingState": true,
    "SpoilingType": "COMBINED",
    "FlipAngle": 9,
    "CoilString": "MULTI COIL",
    "PercentPhaseFOV": 100,
    "PercentSampling": 78.5398,
    "EchoTrainLength": 240,
    "PhaseEncodingSteps": 192,
    "AcquisitionMatrixPE": 192,
    "ReconMatrixPE": 384,
    "ParallelReductionFactorInPlane": 1.87083,
    "ParallelAcquisitionTechnique": "CSENSE",
    "ParallelReductionOutOfPlane": 1.87083,
    "WaterFatShift": 1.80137,
    "EstimatedEffectiveEchoSpacing": 1.07833e-05,
    "EstimatedTotalReadoutTime": 0.00412999,
    "AcquisitionDuration": 111.674,
    "PixelBandwidth": 241,
    "PhaseEncodingAxis": "i",
    "ImageOrientationPatientDICOM": [
        1,
        0,
        0,
        0,
        1,
        0
    ],
    "InPlanePhaseEncodingDirectionDICOM": "ROW",
    "ConversionSoftware": "dcm2niix",
    "ConversionSoftwareVersion": "v1.0.20220720",
    "AnatomicalLandmarkCoordinates": {
        "LPA": [
            211.4603145985986,
            168.61023462270254,
            109.81389510050326
        ],
        "NAS": [
            126.39511571629446,
            151.11110089178104,
            210.79811266905114
        ],
        "RPA": [
            43.88973628453466,
            172.0788949199287,
            107.3623304690424
        ]
    }
}