{
    "Modality": "CT",
    "Manufacturer": "Philips",
    "ManufacturersModelName": "Ingenuity CT",
    "InstitutionName": "OHSU",
    "InstitutionalDepartmentName": "Radiology",
    "InstitutionAddress": "PORTLAND, OR",
    "DeviceSerialNumber": "300003",
    "StationName": "PHILIPS-705",
    "BodyPartExamined": "BRAIN",
    "PatientPosition": "HFS",
    "SoftwareVersions": "4.0",
    "SeriesDescription": "brain thins",
    "ProtocolName": "HELICAL HEAD /Head",
    "ScanOptions": "HELIX",
    "ImageType": [
        "ORIGINAL",
        "PRIMARY",
        "AXIAL"
    ],
    "SeriesNumber": 202,
    "AcquisitionTime": "15:10:19.000000",
    "AcquisitionNumber": 1,
    "ImageComments": "brain thins",
    "ConvolutionKernel": "UB",
    "ExposureTime": 1.052,
    "XRayTubeCurrent": 404,
    "XRayExposure": 425,
    "ImageOrientationPatientDICOM": [
        1,
        0,
        0,
        0,
        1,
        0
    ],
    "ConversionSoftware": "dcm2niix",
    "ConversionSoftwareVersion": "v1.0.20220720",
    "AnatomicalLandmarkCoordinates": {
        "LPA": [
            198.6376429112068,
            161.193197287996,
            96.23761598807708
        ],
        "NAS": [
            127.68397959494575,
            150.6357422419897,
            205.6348724785583
        ],
        "RPA": [
            52.77027575800955,
            165.7215152068614,
            108.1535794542738
        ]
    }
}