{
	"Modality": "CT",
	"Manufacturer": "Toshiba",
	"ManufacturersModelName": "Aquilion ONE",
	"InstitutionName": "OHSU",
	"InstitutionalDepartmentName": "CT",
	"InstitutionAddress": "3181 SW SAM JACKSON PARK RD",
	"DeviceSerialNumber": "4DA1532057",
	"StationName": "8th_Floor_CT_2",
	"PatientPosition": "HFS",
	"SoftwareVersions": "V7.03ER030",
	"SeriesDescription": "BRAIN Head 1.0",
	"ProtocolName": "ROUTINE BRAIN WO CONTRAST",
	"ScanOptions": "HELICAL_CT",
	"ImageType": ["ORIGINAL", "PRIMARY", "AXIAL"],
	"SeriesNumber": 5,
	"AcquisitionTime": "15:11:10.750000",
	"AcquisitionNumber": 3,
	"ImageComments": "NON \\CONTRAST",
	"ConvolutionKernel": "FC26",
	"ExposureTime": 0.75,
	"XRayTubeCurrent": 180,
	"XRayExposure": 135,
	"ImageOrientationPatientDICOM": [
		1,
		0,
		0,
		0,
		1,
		0	],
	"ConversionSoftware": "dcm2niix",
	"ConversionSoftwareVersion": "v1.0.20220720"
}
