{
	"Modality": "CT",
	"Manufacturer": "Philips",
	"ManufacturersModelName": "Ingenuity CT",
	"InstitutionName": "OHSU",
	"InstitutionalDepartmentName": "Radiology",
	"InstitutionAddress": "PORTLAND, OR",
	"DeviceSerialNumber": "300003",
	"StationName": "PHILIPS-705",
	"BodyPartExamined": "BRAIN",
	"PatientPosition": "HFS",
	"SoftwareVersions": "4.0",
	"SeriesDescription": "brain thins",
	"ProtocolName": "HELICAL HEAD /Head",
	"ScanOptions": "HELIX",
	"ImageType": ["ORIGINAL", "PRIMARY", "AXIAL"],
	"SeriesNumber": 202,
	"AcquisitionTime": "15:10:19.000000",
	"AcquisitionNumber": 1,
	"ImageComments": "brain thins",
	"ConvolutionKernel": "UB",
	"ExposureTime": 1.052,
	"XRayTubeCurrent": 404,
	"XRayExposure": 425,
	"ImageOrientationPatientDICOM": [
		1,
		0,
		0,
		0,
		1,
		0	],
	"ConversionSoftware": "dcm2niix",
	"ConversionSoftwareVersion": "v1.0.20220720"
}
