{
    "Modality": "CT",
    "Manufacturer": "Philips",
    "ManufacturersModelName": "Ingenuity CT",
    "InstitutionName": "OHSU",
    "InstitutionalDepartmentName": "Radiology",
    "InstitutionAddress": "PORTLAND, OR",
    "DeviceSerialNumber": "300003",
    "StationName": "PHILIPS-705",
    "BodyPartExamined": "BRAIN",
    "PatientPosition": "HFS",
    "SoftwareVersions": "4.0",
    "SeriesDescription": "brain thins",
    "ProtocolName": "HELICAL HEAD /Head",
    "ScanOptions": "HELIX",
    "ImageType": [
        "ORIGINAL",
        "PRIMARY",
        "AXIAL"
    ],
    "SeriesNumber": 202,
    "AcquisitionTime": "15:57:15.000000",
    "AcquisitionNumber": 1,
    "ImageComments": "brain thins",
    "ConvolutionKernel": "UB",
    "ExposureTime": 1.052,
    "XRayTubeCurrent": 404,
    "XRayExposure": 425,
    "ImageOrientationPatientDICOM": [
        1,
        0,
        0,
        0,
        1,
        0
    ],
    "ConversionSoftware": "dcm2niix",
    "ConversionSoftwareVersion": "v1.0.20220720",
    "AnatomicalLandmarkCoordinates": {
        "LPA": [
            202.50641923954063,
            163.7598534755606,
            109.22438799824175
        ],
        "NAS": [
            129.46982878747045,
            144.0480262169338,
            218.26147405452483
        ],
        "RPA": [
            52.973948165703476,
            158.36333444259242,
            113.7536081109869
        ]
    }
}